GEM
  remote: https://rubygems.org/
  specs:
    parslet (2.0.0)
    pastel (0.8.0)
      tty-color (~> 0.5)
    rake (13.2.1)
    thor (1.3.2)
    tty-color (0.6.0)
    vim-flavor (4.0.3)
      parslet (>= 1.8, < 3.0)
      pastel (~> 0.7)
      thor (>= 0.20, < 2.0)

PLATFORMS
  ruby
  x86_64-linux

DEPENDENCIES
  rake
  vim-flavor (~> 4)

BUNDLED WITH
   2.5.23
